PATH
  remote: /Users/ikatz/Development/non-wayfair/arduino_ci
  specs:
    arduino_ci (0.1.7)
      os (~> 1.0)

GEM
  remote: https://rubygems.org/
  specs:
    os (1.0.0)

PLATFORMS
  ruby

DEPENDENCIES
  arduino_ci!

BUNDLED WITH
   1.16.0